GEM
  remote: http://rubygems.org/
  specs:
    liquid (2.2.2)
    nokogiri (1.5.2)

PLATFORMS
  ruby

DEPENDENCIES
  liquid
  nokogiri
